PATH
  remote: .
  specs:
    mt940 (0.6.7.pre.florish)

GEM
  remote: http://rubygems.org/
  specs:
    rake (10.1.0)
    shoulda (2.11.3)

PLATFORMS
  ruby

DEPENDENCIES
  mt940!
  rake (= 10.1.0)
  shoulda
